GEM
  remote: https://cGFvbG8udGFzc2luYXJpQGhleS5jb20@get.railsdesigner.com/private/
  specs:
    rails_designer (1.12.0)
      importmap-rails (~> 2.0)
      propshaft (~> 1.0)
      rails (>= 7.0, < 8.1)
      rails_icons (~> 1.1)
      stimulus-rails (~> 1.0)
      tailwindcss-rails (~> 3.0)
      turbo-rails (~> 2.0)
      view_component (~> 3.0)

GEM
  remote: https://rubygems.org/
  specs:
    actioncable (8.0.3)
      actionpack (= 8.0.3)
      activesupport (= 8.0.3)
      nio4r (~> 2.0)
      websocket-driver (>= 0.6.1)
      zeitwerk (~> 2.6)
    actionmailbox (8.0.3)
      actionpack (= 8.0.3)
      activejob (= 8.0.3)
      activerecord (= 8.0.3)
      activestorage (= 8.0.3)
      activesupport (= 8.0.3)
      mail (>= 2.8.0)
    actionmailer (8.0.3)
      actionpack (= 8.0.3)
      actionview (= 8.0.3)
      activejob (= 8.0.3)
      activesupport (= 8.0.3)
      mail (>= 2.8.0)
      rails-dom-testing (~> 2.2)
    actionpack (8.0.3)
      actionview (= 8.0.3)
      activesupport (= 8.0.3)
      nokogiri (>= 1.8.5)
      rack (>= 2.2.4)
      rack-session (>= 1.0.1)
      rack-test (>= 0.6.3)
      rails-dom-testing (~> 2.2)
      rails-html-sanitizer (~> 1.6)
      useragent (~> 0.16)
    actiontext (8.0.3)
      actionpack (= 8.0.3)
      activerecord (= 8.0.3)
      activestorage (= 8.0.3)
      activesupport (= 8.0.3)
      globalid (>= 0.6.0)
      nokogiri (>= 1.8.5)
    actionview (8.0.3)
      activesupport (= 8.0.3)
      builder (~> 3.1)
      erubi (~> 1.11)
      rails-dom-testing (~> 2.2)
      rails-html-sanitizer (~> 1.6)
    active_link_to (1.0.5)
      actionpack
      addressable
    activejob (8.0.3)
      activesupport (= 8.0.3)
      globalid (>= 0.3.6)
    activemodel (8.0.3)
      activesupport (= 8.0.3)
    activerecord (8.0.3)
      activemodel (= 8.0.3)
      activesupport (= 8.0.3)
      timeout (>= 0.4.0)
    activerecord-import (2.0.0)
      activerecord (>= 4.2)
    activestorage (8.0.3)
      actionpack (= 8.0.3)
      activejob (= 8.0.3)
      activerecord (= 8.0.3)
      activesupport (= 8.0.3)
      marcel (~> 1.0)
    activesupport (8.0.3)
      base64
      benchmark (>= 0.3)
      bigdecimal
      concurrent-ruby (~> 1.0, >= 1.3.1)
      connection_pool (>= 2.2.5)
      drb
      i18n (>= 1.6, < 2)
      logger (>= 1.4.2)
      minitest (>= 5.1)
      securerandom (>= 0.3)
      tzinfo (~> 2.0, >= 2.0.5)
      uri (>= 0.13.1)
    acts_as_list (1.2.4)
      activerecord (>= 6.1)
      activesupport (>= 6.1)
    addressable (2.8.7)
      public_suffix (>= 2.0.2, < 7.0)
    ahoy_matey (5.2.1)
      activesupport (>= 6.1)
      device_detector (>= 1)
      safely_block (>= 0.4)
    annotaterb (4.19.0)
      activerecord (>= 6.0.0)
      activesupport (>= 6.0.0)
    ansi (1.5.0)
    ast (2.4.2)
    async (2.33.0)
      console (~> 1.29)
      fiber-annotation
      io-event (~> 1.11)
      metrics (~> 0.12)
      traces (~> 0.18)
    avo (3.16.1)
      actionview (>= 6.1)
      active_link_to
      activerecord (>= 6.1)
      activesupport (>= 6.1)
      addressable
      docile
      inline_svg
      meta-tags
      pagy (>= 7.0.0)
      prop_initializer (>= 0.2.0)
      turbo-rails (>= 2.0.0)
      turbo_power (>= 0.6.0)
      view_component (>= 3.7.0)
      zeitwerk (>= 2.6.12)
    awesome_back_url (0.1.2)
      rails
    aws-eventstream (1.3.0)
    aws-partitions (1.1040.0)
    aws-sdk-core (3.216.0)
      aws-eventstream (~> 1, >= 1.3.0)
      aws-partitions (~> 1, >= 1.992.0)
      aws-sigv4 (~> 1.9)
      jmespath (~> 1, >= 1.6.1)
    aws-sdk-kms (1.97.0)
      aws-sdk-core (~> 3, >= 3.216.0)
      aws-sigv4 (~> 1.5)
    aws-sdk-s3 (1.178.0)
      aws-sdk-core (~> 3, >= 3.216.0)
      aws-sdk-kms (~> 1)
      aws-sigv4 (~> 1.5)
    aws-sigv4 (1.11.0)
      aws-eventstream (~> 1, >= 1.0.2)
    base64 (0.3.0)
    bcrypt (3.1.20)
    bcrypt_pbkdf (1.1.1)
    bcrypt_pbkdf (1.1.1-arm64-darwin)
    bcrypt_pbkdf (1.1.1-x86_64-darwin)
    benchmark (0.4.1)
    benchmark-ips (2.14.0)
    bigdecimal (3.3.1)
    bindex (0.8.1)
    blazer (3.1.0)
      activerecord (>= 6.1)
      chartkick (>= 5)
      csv
      railties (>= 7)
      safely_block (>= 0.4)
    bootsnap (1.18.4)
      msgpack (~> 1.2)
    browser (6.2.0)
    builder (3.3.0)
    bullet (8.0.0)
      activesupport (>= 3.0.0)
      uniform_notifier (~> 1.11)
    capybara (3.40.0)
      addressable
      matrix
      mini_mime (>= 0.1.3)
      nokogiri (~> 1.11)
      rack (>= 1.6.0)
      rack-test (>= 0.6.3)
      regexp_parser (>= 1.5, < 3.0)
      xpath (~> 3.2)
    caxlsx (4.2.0)
      htmlentities (~> 4.3, >= 4.3.4)
      marcel (~> 1.0)
      nokogiri (~> 1.10, >= 1.10.4)
      rubyzip (>= 1.3.0, < 3)
    caxlsx_rails (0.6.4)
      actionpack (>= 3.1)
      caxlsx (>= 3.0)
    chartkick (5.1.2)
    childprocess (5.1.0)
      logger (~> 1.5)
    chunky_png (1.4.0)
    claude-code-sdk-ruby (0.1.6)
      async (~> 2)
      logger (~> 1)
    claude-on-rails (0.1.3)
      claude_swarm (~> 0.1)
      rails (>= 6.0)
    claude_swarm (0.3.11)
      claude-code-sdk-ruby (~> 0.1)
      faraday-net_http_persistent (~> 2.0)
      faraday-retry (~> 2.0)
      fast-mcp-annotations (~> 1.5)
      ruby-mcp-client (~> 0.7)
      ruby-openai (>= 7.0, < 9.0)
      thor (~> 1.3)
      zeitwerk (~> 2.6)
    combine_pdf (1.0.29)
      matrix
      ruby-rc4 (>= 0.1.5)
    concurrent-ruby (1.3.5)
    connection_pool (2.5.4)
    console (1.34.0)
      fiber-annotation
      fiber-local (~> 1.1)
      json
    counter_culture (3.8.2)
      activerecord (>= 4.2)
      activesupport (>= 4.2)
    crass (1.0.6)
    css_parser (1.21.1)
      addressable
    csv (3.3.2)
    curses (1.5.3)
    date (3.4.1)
    debug (1.10.0)
      irb (~> 1.10)
      reline (>= 0.3.8)
    derailed_benchmarks (2.2.1)
      base64
      benchmark-ips (~> 2)
      bigdecimal
      drb
      get_process_mem
      heapy (~> 0)
      logger
      memory_profiler (>= 0, < 2)
      mini_histogram (>= 0.3.0)
      mutex_m
      ostruct
      rack (>= 1)
      rack-test
      rake (> 10, < 14)
      ruby-statistics (>= 4.0.1)
      ruby2_keywords
      thor (>= 0.19, < 2)
    device_detector (1.1.3)
    devise (4.9.4)
      bcrypt (~> 3.0)
      orm_adapter (~> 0.1)
      railties (>= 4.1.0)
      responders
      warden (~> 1.2.3)
    devise-i18n (1.12.1)
      devise (>= 4.9.0)
    docile (1.4.1)
    dotenv (3.1.7)
    drb (2.2.3)
    dry-configurable (1.3.0)
      dry-core (~> 1.1)
      zeitwerk (~> 2.6)
    dry-core (1.1.0)
      concurrent-ruby (~> 1.0)
      logger
      zeitwerk (~> 2.6)
    dry-inflector (1.2.0)
    dry-initializer (3.2.0)
    dry-logic (1.6.0)
      bigdecimal
      concurrent-ruby (~> 1.0)
      dry-core (~> 1.1)
      zeitwerk (~> 2.6)
    dry-schema (1.14.1)
      concurrent-ruby (~> 1.0)
      dry-configurable (~> 1.0, >= 1.0.1)
      dry-core (~> 1.1)
      dry-initializer (~> 3.2)
      dry-logic (~> 1.5)
      dry-types (~> 1.8)
      zeitwerk (~> 2.6)
    dry-types (1.8.3)
      bigdecimal (~> 3.0)
      concurrent-ruby (~> 1.0)
      dry-core (~> 1.0)
      dry-inflector (~> 1.0)
      dry-logic (~> 1.4)
      zeitwerk (~> 2.6)
    ed25519 (1.4.0)
    erb (5.1.1)
    erubi (1.13.1)
    et-orbi (1.2.11)
      tzinfo
    event_stream_parser (1.0.0)
    faker (3.5.1)
      i18n (>= 1.8.11, < 2)
    faraday (2.12.2)
      faraday-net_http (>= 2.0, < 3.5)
      json
      logger
    faraday-follow_redirects (0.4.0)
      faraday (>= 1, < 3)
    faraday-multipart (1.1.0)
      multipart-post (~> 2.0)
    faraday-net_http (3.4.0)
      net-http (>= 0.5.0)
    faraday-net_http_persistent (2.3.1)
      faraday (~> 2.5)
      net-http-persistent (>= 4.0.4, < 5)
    faraday-retry (2.3.2)
      faraday (~> 2.0)
    fast-mcp-annotations (1.5.2)
      addressable (~> 2.8)
      base64
      dry-schema (~> 1.14)
      json (~> 2.0)
      mime-types (~> 3.4)
      rack (~> 3.1)
    ffi (1.17.1-aarch64-linux-gnu)
    ffi (1.17.1-arm64-darwin)
    ffi (1.17.1-x86_64-darwin)
    ffi (1.17.1-x86_64-linux-gnu)
    fiber-annotation (0.2.0)
    fiber-local (1.1.0)
      fiber-storage
    fiber-storage (1.0.1)
    foreman (0.88.1)
    friendly_id (5.5.1)
      activerecord (>= 4.0.0)
    fugit (1.11.1)
      et-orbi (~> 1, >= 1.2.11)
      raabro (~> 1.4)
    fuzzy_match (2.1.0)
    geared_pagination (1.2.0)
      activesupport (>= 5.0)
      addressable (>= 2.5.0)
    geocoder (1.8.5)
      base64 (>= 0.1.0)
      csv (>= 3.0.0)
    get_process_mem (1.0.0)
      bigdecimal (>= 2.0)
      ffi (~> 1.0)
    globalid (1.3.0)
      activesupport (>= 6.1)
    groupdate (6.5.1)
      activesupport (>= 7)
    hashie (5.0.0)
    heapy (0.2.0)
      thor
    herb (0.7.4-aarch64-linux-gnu)
    herb (0.7.4-arm64-darwin)
    herb (0.7.4-x86_64-darwin)
    herb (0.7.4-x86_64-linux-gnu)
    highline (2.0.3)
    hotwire_combobox (0.3.2)
      rails (>= 7.0.7.2)
      stimulus-rails (>= 1.2)
      turbo-rails (>= 1.2)
    htmlentities (4.3.4)
    http-2 (1.1.1)
    httparty (0.22.0)
      csv
      mini_mime (>= 1.0.0)
      multi_xml (>= 0.5.2)
    httpx (1.6.2)
      http-2 (>= 1.0.0)
    i18n (1.14.7)
      concurrent-ruby (~> 1.0)
    image_processing (1.13.0)
      mini_magick (>= 4.9.5, < 5)
      ruby-vips (>= 2.0.17, < 3)
    importmap-rails (2.1.0)
      actionpack (>= 6.0.0)
      activesupport (>= 6.0.0)
      railties (>= 6.0.0)
    inline_svg (1.10.0)
      activesupport (>= 3.0)
      nokogiri (>= 1.6)
    io-console (0.8.1)
    io-event (1.11.2)
    irb (1.15.2)
      pp (>= 0.6.0)
      rdoc (>= 4.0.0)
      reline (>= 0.4.2)
    jbuilder (2.13.0)
      actionview (>= 5.0.0)
      activesupport (>= 5.0.0)
    jmespath (1.6.2)
    json (2.9.1)
    json-schema (5.2.2)
      addressable (~> 2.8)
      bigdecimal (~> 3.1)
    jwt (2.10.1)
      base64
    kamal (2.5.3)
      activesupport (>= 7.0)
      base64 (~> 0.2)
      bcrypt_pbkdf (~> 1.0)
      concurrent-ruby (~> 1.2)
      dotenv (~> 3.1)
      ed25519 (~> 1.2)
      net-ssh (~> 7.3)
      sshkit (>= 1.23.0, < 2.0)
      thor (~> 1.3)
      zeitwerk (>= 2.6.18, < 3.0)
    launchy (3.0.1)
      addressable (~> 2.8)
      childprocess (~> 5.0)
    letter_opener (1.10.0)
      launchy (>= 2.2, < 4)
    log_bench (0.1.8)
      curses (~> 1.5)
      lograge (~> 0.14)
      net-http (~> 0.6)
      zeitwerk (~> 2.7)
    logger (1.7.0)
    lograge (0.14.0)
      actionpack (>= 4)
      activesupport (>= 4)
      railties (>= 4)
      request_store (~> 1.0)
    loofah (2.24.1)
      crass (~> 1.0.2)
      nokogiri (>= 1.12.0)
    mail (2.8.1)
      mini_mime (>= 0.1.1)
      net-imap
      net-pop
      net-smtp
    mapkick-rb (0.2.0)
    marcel (1.1.0)
    matrix (0.4.2)
    maxminddb (0.1.22)
    memory_profiler (1.1.0)
    meta-tags (2.22.1)
      actionpack (>= 6.0.0, < 8.1)
    method_source (1.1.0)
    metrics (0.15.0)
    mime-types (3.7.0)
      logger
      mime-types-data (~> 3.2025, >= 3.2025.0507)
    mime-types-data (3.2025.0924)
    mini_histogram (0.3.1)
    mini_magick (4.13.2)
    mini_mime (1.1.5)
    minitest (5.26.0)
    monetize (1.13.0)
      money (~> 6.12)
    money (6.19.0)
      i18n (>= 0.6.4, <= 2)
    money-rails (1.15.0)
      activesupport (>= 3.0)
      monetize (~> 1.9)
      money (~> 6.13)
      railties (>= 3.0)
    msgpack (1.7.5)
    multi_json (1.15.0)
    multi_xml (0.7.1)
      bigdecimal (~> 3.1)
    multipart-post (2.4.1)
    mutex_m (0.3.0)
    net-http (0.6.0)
      uri
    net-http-persistent (4.0.6)
      connection_pool (~> 2.2, >= 2.2.4)
    net-imap (0.5.12)
      date
      net-protocol
    net-pop (0.1.2)
      net-protocol
    net-protocol (0.2.2)
      timeout
    net-scp (4.1.0)
      net-ssh (>= 2.6.5, < 8.0.0)
    net-sftp (4.0.0)
      net-ssh (>= 5.0.0, < 8.0.0)
    net-smtp (0.5.1)
      net-protocol
    net-ssh (7.3.0)
    nio4r (2.7.4)
    nokogiri (1.18.10-aarch64-linux-gnu)
      racc (~> 1.4)
    nokogiri (1.18.10-arm64-darwin)
      racc (~> 1.4)
    nokogiri (1.18.10-x86_64-darwin)
      racc (~> 1.4)
    nokogiri (1.18.10-x86_64-linux-gnu)
      racc (~> 1.4)
    oauth2 (2.0.9)
      faraday (>= 0.17.3, < 3.0)
      jwt (>= 1.0, < 3.0)
      multi_xml (~> 0.5)
      rack (>= 1.2, < 4)
      snaky_hash (~> 2.0)
      version_gem (~> 1.1)
    oga (3.4)
      ast
      ruby-ll (~> 2.1)
    omniauth (2.1.2)
      hashie (>= 3.4.6)
      rack (>= 2.2.3)
      rack-protection
    omniauth-github (2.0.1)
      omniauth (~> 2.0)
      omniauth-oauth2 (~> 1.8)
    omniauth-google-oauth2 (1.2.1)
      jwt (>= 2.9.2)
      oauth2 (~> 2.0)
      omniauth (~> 2.0)
      omniauth-oauth2 (~> 1.8)
    omniauth-oauth2 (1.8.0)
      oauth2 (>= 1.4, < 3)
      omniauth (~> 2.0)
    omniauth-rails_csrf_protection (1.0.2)
      actionpack (>= 4.2)
      omniauth (~> 2.0)
    open-uri (0.5.0)
      stringio
      time
      uri
    orm_adapter (0.5.0)
    ostruct (0.6.1)
    pagy (9.3.3)
    pdf-core (0.10.0)
    pg (1.5.9)
    pg_search (2.3.7)
      activerecord (>= 6.1)
      activesupport (>= 6.1)
    positioning (0.4.5)
      activerecord (>= 6.1)
      activesupport (>= 6.1)
    pp (0.6.3)
      prettyprint
    prawn (2.5.0)
      matrix (~> 0.4)
      pdf-core (~> 0.10.0)
      ttfunk (~> 1.8)
    prawn-emoji (6.0.0)
      matrix (~> 0.4)
      prawn (~> 2.4)
      unicode-emoji (>= 3.1, < 5.0)
    prawn-html (0.7.1)
      oga (~> 3.3)
      prawn (~> 2.4)
    prawn-svg (0.38.0)
      css_parser (~> 1.6)
      matrix (~> 0.4.2)
      prawn (>= 0.11.1, < 3)
      rexml (>= 3.3.9, < 4)
    prawn-table (0.2.2)
      prawn (>= 1.3.0, < 3.0.0)
    prettyprint (0.2.0)
    prop_initializer (0.2.0)
      zeitwerk (>= 2.6.18)
    propshaft (1.1.0)
      actionpack (>= 7.0.0)
      activesupport (>= 7.0.0)
      rack
      railties (>= 7.0.0)
    psych (5.2.6)
      date
      stringio
    public_suffix (6.0.1)
    puma (6.5.0)
      nio4r (~> 2.0)
    pundit (2.4.0)
      activesupport (>= 3.0.0)
    raabro (1.4.0)
    racc (1.8.1)
    rack (3.2.3)
    rack-attack (6.7.0)
      rack (>= 1.0, < 4)
    rack-mini-profiler (3.3.1)
      rack (>= 1.2.0)
    rack-protection (4.1.1)
      base64 (>= 0.1.0)
      logger (>= 1.6.0)
      rack (>= 3.0.0, < 4)
    rack-session (2.1.1)
      base64 (>= 0.1.0)
      rack (>= 3.0.0)
    rack-test (2.2.0)
      rack (>= 1.3)
    rackup (2.2.1)
      rack (>= 3)
    rails (8.0.3)
      actioncable (= 8.0.3)
      actionmailbox (= 8.0.3)
      actionmailer (= 8.0.3)
      actionpack (= 8.0.3)
      actiontext (= 8.0.3)
      actionview (= 8.0.3)
      activejob (= 8.0.3)
      activemodel (= 8.0.3)
      activerecord (= 8.0.3)
      activestorage (= 8.0.3)
      activesupport (= 8.0.3)
      bundler (>= 1.15.0)
      railties (= 8.0.3)
    rails-dom-testing (2.3.0)
      activesupport (>= 5.0.0)
      minitest
      nokogiri (>= 1.6)
    rails-html-sanitizer (1.6.2)
      loofah (~> 2.21)
      nokogiri (>= 1.15.7, != 1.16.7, != 1.16.6, != 1.16.5, != 1.16.4, != 1.16.3, != 1.16.2, != 1.16.1, != 1.16.0.rc1, != 1.16.0)
    rails_icons (1.3.0)
      nokogiri (~> 1.16, >= 1.16.4)
      rails (> 6.1)
    rails_performance (1.4.1)
      browser
      railties
      redis
    railties (8.0.3)
      actionpack (= 8.0.3)
      activesupport (= 8.0.3)
      irb (~> 1.13)
      rackup (>= 1.0.0)
      rake (>= 12.2)
      thor (~> 1.0, >= 1.2.2)
      tsort (>= 0.2)
      zeitwerk (~> 2.6)
    rake (13.3.0)
    ranked-model (0.4.11)
      activerecord (>= 5.2)
    ransack (4.2.1)
      activerecord (>= 6.1.5)
      activesupport (>= 6.1.5)
      i18n
    rdoc (6.15.0)
      erb
      psych (>= 4.0.0)
      tsort
    reactionview (0.1.2)
      actionview (>= 7.0)
      herb (>= 0.7.0, < 1.0.0)
    redcarpet (3.6.1)
    redis (5.3.0)
      redis-client (>= 0.22.0)
    redis-client (0.23.2)
      connection_pool
    regexp_parser (2.10.0)
    reline (0.6.2)
      io-console (~> 0.5)
    request_store (1.7.0)
      rack (>= 1.4)
    resend (0.10.0)
      httparty (>= 0.19.1)
    responders (3.1.1)
      actionpack (>= 5.2)
      railties (>= 5.2)
    rexml (3.4.0)
    roo (2.10.1)
      nokogiri (~> 1)
      rubyzip (>= 1.3.0, < 3.0.0)
    roo-xls (1.2.0)
      nokogiri
      roo (>= 2.0.0, < 3)
      spreadsheet (> 0.9.0)
    rqrcode (2.2.0)
      chunky_png (~> 1.0)
      rqrcode_core (~> 1.0)
    rqrcode_core (1.2.0)
    ruby-ll (2.1.3)
      ansi
      ast
    ruby-mcp-client (0.8.1)
      faraday (~> 2.0)
      faraday-follow_redirects (~> 0.3)
      faraday-retry (~> 2.0)
    ruby-ole (1.2.13.1)
    ruby-openai (7.3.1)
      event_stream_parser (>= 0.3.0, < 2.0.0)
      faraday (>= 1)
      faraday-multipart (>= 1)
    ruby-rc4 (0.1.5)
    ruby-statistics (4.1.0)
    ruby-vips (2.2.2)
      ffi (~> 1.12)
      logger
    ruby2_keywords (0.0.5)
    ruby_llm (1.8.2)
      base64
      event_stream_parser (~> 1)
      faraday (>= 1.10.0)
      faraday-multipart (>= 1)
      faraday-net_http (>= 1)
      faraday-retry (>= 1)
      marcel (~> 1.0)
      zeitwerk (~> 2)
    ruby_llm-mcp (0.6.1)
      httpx (~> 1.4)
      json-schema (~> 5.0)
      ruby_llm (~> 1.3)
      thor (~> 1.3)
      zeitwerk (~> 2)
    ruby_llm-schema (0.2.1)
    rubyzip (2.4.1)
    rufus-scheduler (3.9.2)
      fugit (~> 1.1, >= 1.11.1)
    safely_block (0.4.1)
    scenic (1.8.0)
      activerecord (>= 4.0.0)
      railties (>= 4.0.0)
    securerandom (0.4.1)
    selenium-webdriver (4.27.0)
      base64 (~> 0.2)
      logger (~> 1.4)
      rexml (~> 3.2, >= 3.2.5)
      rubyzip (>= 1.2.2, < 3.0)
      websocket (~> 1.0)
    sidekiq (7.3.8)
      base64
      connection_pool (>= 2.3.0)
      logger
      rack (>= 2.2.4)
      redis-client (>= 0.22.2)
    sidekiq-scheduler (6.0.1)
      rufus-scheduler (~> 3.2)
      sidekiq (>= 7.3, < 9)
    smarter_csv (1.13.1)
    snaky_hash (2.0.1)
      hashie
      version_gem (~> 1.1, >= 1.1.1)
    spreadsheet (1.3.3)
      bigdecimal
      ruby-ole
    sprockets (4.2.1)
      concurrent-ruby (~> 1.0)
      rack (>= 2.2.4, < 4)
    sprockets-rails (3.5.2)
      actionpack (>= 6.1)
      activesupport (>= 6.1)
      sprockets (>= 3.0.0)
    sshkit (1.24.0)
      base64
      logger
      net-scp (>= 1.1.2)
      net-sftp (>= 2.1.2)
      net-ssh (>= 2.8.0)
      ostruct
    stackprof (0.2.27)
    stimulus-rails (1.3.4)
      railties (>= 6.0.0)
    streamio-ffmpeg (3.0.2)
      multi_json (~> 1.8)
    stringio (3.1.7)
    tailwindcss-rails (3.3.0)
      railties (>= 7.0.0)
      tailwindcss-ruby
    tailwindcss-ruby (3.4.17-aarch64-linux)
    tailwindcss-ruby (3.4.17-arm64-darwin)
    tailwindcss-ruby (3.4.17-x86_64-darwin)
    tailwindcss-ruby (3.4.17-x86_64-linux)
    thor (1.4.0)
    thruster (0.1.13-aarch64-linux)
    thruster (0.1.13-arm64-darwin)
    thruster (0.1.13-x86_64-darwin)
    thruster (0.1.13-x86_64-linux)
    time (0.4.1)
      date
    timeout (0.4.3)
    traces (0.18.2)
    tsort (0.2.0)
    ttfunk (1.8.0)
      bigdecimal (~> 3.1)
    turbo-rails (2.0.11)
      actionpack (>= 6.0.0)
      railties (>= 6.0.0)
    turbo_power (0.7.0)
      turbo-rails (>= 1.3.0)
    tzinfo (2.0.6)
      concurrent-ruby (~> 1.0)
    unicode-emoji (4.0.4)
    uniform_notifier (1.16.0)
    uri (1.0.4)
    useragent (0.16.11)
    version_gem (1.1.4)
    view_component (3.21.0)
      activesupport (>= 5.2.0, < 8.1)
      concurrent-ruby (~> 1.0)
      method_source (~> 1.0)
    warden (1.2.9)
      rack (>= 2.0.9)
    web-console (4.2.1)
      actionview (>= 6.0.0)
      activemodel (>= 6.0.0)
      bindex (>= 0.4.0)
      railties (>= 6.0.0)
    websocket (1.2.11)
    websocket-driver (0.8.0)
      base64
      websocket-extensions (>= 0.1.0)
    websocket-extensions (0.1.5)
    wicked (2.0.0)
      railties (>= 3.0.7)
    xpath (3.2.0)
      nokogiri (~> 1.8)
    zeitwerk (2.7.3)

PLATFORMS
  aarch64-linux
  arm64-darwin-23
  arm64-darwin-24
  x86_64-darwin-17
  x86_64-darwin-19
  x86_64-linux

DEPENDENCIES
  activerecord-import
  acts_as_list
  ahoy_matey
  annotaterb
  avo
  awesome_back_url
  aws-sdk-s3
  bcrypt (~> 3.1.7)
  blazer (~> 3.1)
  bootsnap
  bullet
  capybara
  caxlsx
  caxlsx_rails
  claude-on-rails
  combine_pdf
  counter_culture (~> 3.8)
  debug
  derailed_benchmarks
  devise (~> 4.9)
  devise-i18n
  dotenv
  faker
  foreman
  friendly_id (~> 5.5)
  fuzzy_match
  geared_pagination (~> 1.2)
  geocoder
  groupdate (~> 6.4)
  highline (~> 2.0.3)
  hotwire_combobox
  image_processing (~> 1.2)
  importmap-rails
  inline_svg
  jbuilder
  kamal
  letter_opener
  log_bench
  mapkick-rb
  maxminddb
  money-rails (~> 1.15)
  nokogiri
  omniauth-github (~> 2.0)
  omniauth-google-oauth2 (~> 1.1)
  omniauth-rails_csrf_protection (~> 1.0)
  open-uri
  pagy
  pg (~> 1.1)
  pg_search (~> 2.3)
  positioning
  prawn (~> 2.4)
  prawn-emoji
  prawn-html
  prawn-svg
  prawn-table (~> 0.2)
  puma (>= 5.0)
  pundit
  rack-attack
  rack-mini-profiler
  rails (~> 8.0.3)
  rails_designer (~> 1.12.0)!
  rails_performance
  ranked-model (~> 0.4.10)
  ransack
  reactionview (~> 0.1.2)
  redcarpet
  redis (~> 5.1)
  resend (~> 0.10.0)
  roo (~> 2.10.0)
  roo-xls (~> 1.0)
  rqrcode
  ruby-openai
  ruby_llm
  ruby_llm-mcp
  ruby_llm-schema
  scenic (~> 1.7)
  selenium-webdriver
  sidekiq (~> 7.2)
  sidekiq-scheduler (~> 6.0)
  smarter_csv
  sprockets-rails
  stackprof
  stimulus-rails
  streamio-ffmpeg
  tailwindcss-rails
  thruster
  turbo-rails
  tzinfo-data
  view_component
  web-console
  wicked (~> 2.0)

RUBY VERSION
   ruby 3.2.2p53

BUNDLED WITH
   2.4.10
